ObjectType = Image
NDims = 3
BinaryData = True
BinaryDataByteOrderMSB = False
CompressedData = False
TransformMatrix = 1 0 0 0 1 0 0 0 1
Offset = -235.00800000000001 -235.00800000000001 -132
CenterOfRotation = 0 0 0
ElementSpacing = 2 2 2
DimSize = 235 235 142
AnatomicalOrientation = ???
ElementType = MET_FLOAT
ElementDataFile = output-Dose-Squared.raw
