ObjectType = Image
NDims = 3
BinaryData = True
BinaryDataByteOrderMSB = False
CompressedData = False
TransformMatrix = 1 0 0 0 1 0 0 0 1
Offset = -248.488 -104.93300000000001 -378.625
CenterOfRotation = 0 0 0
ElementSpacing = 4 4 4
DimSize = 124 72 190
AnatomicalOrientation = ???
ElementType = MET_FLOAT
ElementDataFile = distrib-Edep-Squared.raw
